GEM
  remote: https://rubygems.org/
  remote: http://sul-gems.stanford.edu/
  specs:
    active-fedora (5.7.1)
      activeresource (>= 3.0.0)
      activesupport (>= 3.0.0)
      builder (~> 3.0.0)
      deprecation
      mediashelf-loggable
      nom-xml (>= 0.5.1)
      om (~> 1.8.0)
      rdf
      rdf-rdfxml (~> 0.3.8)
      rsolr
      rubydora (~> 1.6)
      solrizer (~> 2.1)
    activemodel (3.2.15)
      activesupport (= 3.2.15)
      builder (~> 3.0.0)
    activeresource (3.2.15)
      activemodel (= 3.2.15)
      activesupport (= 3.2.15)
    activesupport (3.2.15)
      i18n (~> 0.6, >= 0.6.4)
      multi_json (~> 1.0)
    addressable (2.3.5)
    assembly-image (1.6.0)
      activesupport
      assembly-objectfile (>= 1.5.6)
      mini_exiftool (~> 1.6)
      nokogiri
      uuidtools
    assembly-objectfile (1.6.4)
      mime-types
      mini_exiftool
      nokogiri
    bagit (0.3.2)
      docopt (~> 0.5.0)
      validatable (~> 1.6)
    builder (3.0.4)
    coderay (1.0.9)
    columnize (0.3.6)
    confstruct (0.2.5)
    daemons (1.1.9)
    debugger (1.6.2)
      columnize (>= 0.3.1)
      debugger-linecache (~> 1.2.0)
      debugger-ruby_core_source (~> 1.2.3)
    debugger-linecache (1.2.0)
    debugger-ruby_core_source (1.2.3)
    deprecation (0.0.5)
      activesupport
    docopt (0.5.0)
    dor-services (4.4.3)
      active-fedora (~> 5.6, >= 5.6.3)
      activesupport
      confstruct (>= 0.2.2)
      dor-workflow-service (~> 1.4)
      druid-tools (>= 0.2.3)
      equivalent-xml (>= 0.2.2)
      json
      lyber-utils
      moab-versioning (= 1.3.0)
      net-sftp
      net-ssh
      nokogiri (>= 1.6.0)
      om
      progressbar
      rest-client
      rsolr-ext
      ruby-cache
      ruby-graphviz
      solrizer (~> 2.0)
      stanford-mods (>= 0.0.14)
      systemu
      uuidtools
      validatable
    dor-workflow-service (1.4.1)
      activesupport
      confstruct
      nokogiri
      rest-client
    druid-tools (0.3.0)
    equivalent-xml (0.3.0)
      nokogiri (>= 1.4.3)
    fastercsv (1.5.5)
    happymapper (0.4.1)
      libxml-ruby (~> 2.0)
    hashery (2.1.1)
    hooks (0.3.3)
    i18n (0.6.9)
    iso-639 (0.2.4)
    json (1.8.1)
    libxml-ruby (2.7.0)
    linecache (0.46)
      rbx-require-relative (> 0.0.4)
    lyber-utils (0.1.2)
      bagit (>= 0.1.0)
      nokogiri (>= 1.4.3.1)
      systemu (>= 1.2.0)
      validatable
    mediashelf-loggable (0.4.9)
    method_source (0.8.2)
    mime-types (2.0)
    mini_exiftool (1.7.0)
    mini_portile (0.5.2)
    moab-versioning (1.3.0)
      confstruct
      happymapper
      hashery (>= 2.0.0)
      json
      nokogiri
      systemu
    mods (0.0.22)
      iso-639
      nokogiri
      nom-xml
    multi_json (1.8.2)
    net-sftp (2.1.2)
      net-ssh (>= 2.6.5)
    net-ssh (2.7.0)
    nokogiri (1.6.1)
      mini_portile (~> 0.5.0)
    nom-xml (0.5.1)
      activesupport
      i18n
      nokogiri
    om (1.8.0)
      activemodel
      activesupport
      deprecation
      mediashelf-loggable
      nokogiri (>= 1.4.2)
    progressbar (0.21.0)
    pry (0.9.12.2)
      coderay (~> 1.0.5)
      method_source (~> 0.8)
      slop (~> 3.4)
    pry-debugger (0.2.2)
      debugger (~> 1.3)
      pry (~> 0.9.10)
    rbx-require-relative (0.0.9)
    rcov (1.0.0)
    rdf (1.0.10.2)
      addressable (>= 2.3)
    rdf-rdfxml (0.3.9)
      rdf (>= 0.3.11)
      rdf-xsd (>= 0.3.8)
    rdf-xsd (1.0.2.1)
      nokogiri (>= 1.5.0)
      rdf (>= 0.3.4)
    rest-client (1.6.7)
      mime-types (>= 1.16)
    rsolr (1.0.9)
      builder (>= 2.1.2)
    rsolr-ext (1.0.3)
      rsolr (>= 1.0.2)
    ruby-cache (0.3.0)
    ruby-debug (0.10.4)
      columnize (>= 0.1)
      ruby-debug-base (~> 0.10.4.0)
    ruby-debug-base (0.10.4)
      linecache (>= 0.3)
    ruby-graphviz (1.0.9)
    rubydora (1.6.5)
      activemodel
      activesupport
      deprecation
      equivalent-xml
      fastercsv
      hooks (~> 0.3.0)
      mime-types
      nokogiri
      rest-client
    simplecov (0.7.1)
      multi_json (~> 1.0)
      simplecov-html (~> 0.7.1)
    simplecov-html (0.7.1)
    slop (3.4.6)
    solrizer (2.2.0)
      activesupport
      daemons
      mediashelf-loggable (~> 0.4.7)
      nokogiri
      om (>= 1.5.0)
      stomp
      xml-simple
    stanford-mods (0.0.21)
      mods
    stomp (1.3.1)
    systemu (2.5.2)
    uuidtools (2.1.4)
    validatable (1.6.7)
    xml-simple (1.1.2)

PLATFORMS
  ruby

DEPENDENCIES
  assembly-image
  assembly-objectfile (>= 1.6.4)
  debugger
  dor-services (>= 4.4.3)
  pry
  pry-debugger
  rcov
  ruby-debug
  simplecov
