GEM
  remote: https://rubygems.org/
  specs:
    active-fedora (5.7.1)
      activeresource (>= 3.0.0)
      activesupport (>= 3.0.0)
      builder (~> 3.0.0)
      deprecation
      mediashelf-loggable
      nom-xml (>= 0.5.1)
      om (~> 1.8.0)
      rdf
      rdf-rdfxml (~> 0.3.8)
      rsolr
      rubydora (~> 1.6)
      solrizer (~> 2.1)
    activemodel (3.2.19)
      activesupport (= 3.2.19)
      builder (~> 3.0.0)
    activeresource (3.2.19)
      activemodel (= 3.2.19)
      activesupport (= 3.2.19)
    activesupport (3.2.19)
      i18n (~> 0.6, >= 0.6.4)
      multi_json (~> 1.0)
    addressable (2.3.6)
    assembly-image (1.6.7)
      activesupport
      assembly-objectfile (>= 1.6.4)
      mini_exiftool (~> 1.6)
      nokogiri
      uuidtools
    assembly-objectfile (1.6.4)
      mime-types
      mini_exiftool
      nokogiri
    bagit (0.3.2)
      docopt (~> 0.5.0)
      validatable (~> 1.6)
    builder (3.0.4)
    coderay (1.0.9)
    columnize (0.3.6)
    confstruct (0.2.7)
    daemons (1.1.9)
    debugger (1.6.2)
      columnize (>= 0.3.1)
      debugger-linecache (~> 1.2.0)
      debugger-ruby_core_source (~> 1.2.3)
    debugger-linecache (1.2.0)
    debugger-ruby_core_source (1.2.3)
    deprecation (0.1.0)
      activesupport
    docopt (0.5.0)
    dor-services (4.12.1)
      active-fedora (~> 5.7.1)
      activesupport (~> 3.2, >= 3.2.18)
      confstruct (~> 0.2.2)
      dor-workflow-service (~> 1.7, >= 1.7.1)
      druid-tools (~> 0.3.1)
      equivalent-xml (~> 0.2.2)
      json (~> 1.8.1)
      lyber-utils (~> 0.1.2)
      moab-versioning (= 1.3.1)
      net-sftp (~> 2.1.2)
      net-ssh (~> 2.7.0)
      nokogiri (~> 1.6.0)
      om (~> 1.8.0)
      progressbar (~> 0.21.0)
      rdf (~> 1.0.9.0)
      rest-client (~> 1.6.7)
      rsolr-ext (~> 1.0.3)
      ruby-cache (~> 0.3.0)
      ruby-graphviz (~> 1.0.9)
      rubydora (~> 1.6.5)
      solrizer (~> 2.0)
      stanford-mods (~> 0.0.14)
      systemu (~> 2.6.0)
      uuidtools (~> 2.1.4)
      validatable (~> 1.6.7)
    dor-workflow-service (1.7.1)
      activesupport (~> 3.2)
      confstruct (~> 0.2.7)
      nokogiri (~> 1.6.0)
      rest-client (~> 1.6.7)
    druid-tools (0.3.1)
    equivalent-xml (0.2.9)
      nokogiri (>= 1.4.3)
    fastercsv (1.5.5)
    happymapper (0.4.1)
      libxml-ruby (~> 2.0)
    hashery (2.1.1)
    hooks (0.3.6)
      uber (~> 0.0.4)
    i18n (0.6.11)
    iso-639 (0.2.5)
    json (1.8.1)
    libxml-ruby (2.7.0)
    linecache (0.46)
      rbx-require-relative (> 0.0.4)
    lyber-utils (0.1.2)
      bagit (>= 0.1.0)
      nokogiri (>= 1.4.3.1)
      systemu (>= 1.2.0)
      validatable
    mediashelf-loggable (0.4.10)
    method_source (0.8.2)
    mime-types (2.3)
    mini_exiftool (1.7.0)
    mini_portile (0.6.0)
    moab-versioning (1.3.1)
      confstruct
      happymapper
      hashery (>= 2.0.0)
      json
      nokogiri
      systemu
    mods (0.0.23)
      iso-639
      nokogiri
      nom-xml
    multi_json (1.10.1)
    net-sftp (2.1.2)
      net-ssh (>= 2.6.5)
    net-ssh (2.7.0)
    nokogiri (1.6.3.1)
      mini_portile (= 0.6.0)
    nom-xml (0.5.1)
      activesupport
      i18n
      nokogiri
    om (1.8.0)
      activemodel
      activesupport
      deprecation
      mediashelf-loggable
      nokogiri (>= 1.4.2)
    progressbar (0.21.0)
    pry (0.9.12.2)
      coderay (~> 1.0.5)
      method_source (~> 0.8)
      slop (~> 3.4)
    pry-debugger (0.2.2)
      debugger (~> 1.3)
      pry (~> 0.9.10)
    rbx-require-relative (0.0.9)
    rcov (1.0.0)
    rdf (1.0.9)
      addressable (>= 2.3)
    rdf-rdfxml (0.3.9)
      rdf (>= 0.3.11)
      rdf-xsd (>= 0.3.8)
    rdf-xsd (1.0.2.1)
      nokogiri (>= 1.5.0)
      rdf (>= 0.3.4)
    rest-client (1.6.7)
      mime-types (>= 1.16)
    rsolr (1.0.10)
      builder (>= 2.1.2)
    rsolr-ext (1.0.3)
      rsolr (>= 1.0.2)
    ruby-cache (0.3.0)
    ruby-debug (0.10.4)
      columnize (>= 0.1)
      ruby-debug-base (~> 0.10.4.0)
    ruby-debug-base (0.10.4)
      linecache (>= 0.3)
    ruby-graphviz (1.0.9)
    rubydora (1.6.5)
      activemodel
      activesupport
      deprecation
      equivalent-xml
      fastercsv
      hooks (~> 0.3.0)
      mime-types
      nokogiri
      rest-client
    simplecov (0.7.1)
      multi_json (~> 1.0)
      simplecov-html (~> 0.7.1)
    simplecov-html (0.7.1)
    slop (3.4.6)
    solrizer (2.2.0)
      activesupport
      daemons
      mediashelf-loggable (~> 0.4.7)
      nokogiri
      om (>= 1.5.0)
      stomp
      xml-simple
    stanford-mods (0.0.27)
      mods
    stomp (1.3.2)
    systemu (2.6.4)
    uber (0.0.7)
    uuidtools (2.1.4)
    validatable (1.6.7)
    xml-simple (1.1.4)

PLATFORMS
  ruby

DEPENDENCIES
  assembly-image
  assembly-objectfile (>= 1.6.4)
  debugger
  dor-services (>= 4.4.3)
  pry
  pry-debugger
  rcov
  ruby-debug
  simplecov
